GEM
  remote: https://rubygems.org/
  specs:
    capybara (2.4.4)
      mime-types (>= 1.16)
      nokogiri (>= 1.3.3)
      rack (>= 1.0.0)
      rack-test (>= 0.5.4)
      xpath (~> 2.0)
    childprocess (0.5.5)
      ffi (~> 1.0, >= 1.0.11)
    commonwatir (4.0.0)
    ffi (1.9.6-x86-mingw32)
    jar_wrapper (0.1.8)
      zip
    mime-types (2.4.3)
    mini_magick (3.5.0)
      subexec (~> 0.2.1)
    mini_portile (0.6.2)
    multi_json (1.10.1)
    nokogiri (1.6.6.2-x86-mingw32)
      mini_portile (~> 0.6.0)
    rack (1.6.0)
    rack-test (0.6.3)
      rack (>= 1.0)
    rake (10.4.2)
    rautomation (0.17.0)
      ffi (~> 1.9.0)
    rubyzip (1.1.7)
    selenium (0.2.11)
      jar_wrapper
    selenium-webdriver (2.44.0)
      childprocess (~> 0.5)
      multi_json (~> 1.0)
      rubyzip (~> 1.0)
      websocket (~> 1.0)
    subexec (0.2.3)
    watir (5.0.0-x86-mingw32)
      commonwatir (~> 4)
      watir-classic (~> 4.0)
      watir-webdriver
    watir-classic (4.0.1)
      ffi (~> 1.0)
      multi_json
      nokogiri (>= 1.5.7.rc3)
      rautomation (~> 0.7)
      win32-process (>= 0.5.5)
      win32screenshot (~> 1.0.9)
      windows-pr (>= 0.6.6)
    watir-webdriver (0.6.11)
      selenium-webdriver (>= 2.18.0)
    websocket (1.2.1)
    win32-api (1.5.2-x86-mingw32)
    win32-process (0.7.4)
      ffi (>= 1.0.0)
    win32screenshot (1.0.10)
      ffi (~> 1.0)
      mini_magick (~> 3.5.0)
      rautomation (~> 0.7)
    windows-api (0.4.3)
      win32-api (>= 1.4.5)
    windows-pr (1.2.4)
      win32-api (>= 1.4.5)
      windows-api (>= 0.4.0)
    xpath (2.0.0)
      nokogiri (~> 1.3)
    zip (2.0.2)

PLATFORMS
  x86-mingw32

DEPENDENCIES
  capybara
  rake
  selenium
  watir
